GEM
  remote: https://rubygems.org/
  specs:
    nio4r (2.5.8)
    puma (5.6.5)
      nio4r (~> 2.0)
    rack (2.2.4)
    rake (13.0.6)

PLATFORMS
  x86_64-linux

DEPENDENCIES
  puma
  rack
  rake

BUNDLED WITH
   2.3.15
